PATH
  remote: .
  specs:
    coloractor (0.0.1)
      color
      mini_magick

GEM
  remote: https://rubygems.org/
  specs:
    color (1.7.1)
    diff-lcs (1.2.5)
    mini_magick (3.8.1)
      subexec (~> 0.2.1)
    rspec (3.3.0)
      rspec-core (~> 3.3.0)
      rspec-expectations (~> 3.3.0)
      rspec-mocks (~> 3.3.0)
    rspec-core (3.3.2)
      rspec-support (~> 3.3.0)
    rspec-expectations (3.3.1)
      diff-lcs (>= 1.2.0, < 2.0)
      rspec-support (~> 3.3.0)
    rspec-mocks (3.3.2)
      diff-lcs (>= 1.2.0, < 2.0)
      rspec-support (~> 3.3.0)
    rspec-support (3.3.0)
    subexec (0.2.3)

PLATFORMS
  ruby

DEPENDENCIES
  coloractor!
  rspec

BUNDLED WITH
   1.10.5
