PATH
  remote: .
  specs:
    coloractor (0.0.1)
      color
      rubypython

GEM
  remote: https://rubygems.org/
  specs:
    blankslate (3.1.3)
    color (1.7.1)
    diff-lcs (1.2.5)
    ffi (1.9.10)
    rspec (3.3.0)
      rspec-core (~> 3.3.0)
      rspec-expectations (~> 3.3.0)
      rspec-mocks (~> 3.3.0)
    rspec-core (3.3.2)
      rspec-support (~> 3.3.0)
    rspec-expectations (3.3.1)
      diff-lcs (>= 1.2.0, < 2.0)
      rspec-support (~> 3.3.0)
    rspec-mocks (3.3.2)
      diff-lcs (>= 1.2.0, < 2.0)
      rspec-support (~> 3.3.0)
    rspec-support (3.3.0)
    rubypython (0.6.3)
      blankslate (>= 2.1.2.3)
      ffi (>= 1.0.7)

PLATFORMS
  ruby

DEPENDENCIES
  coloractor!
  rspec

BUNDLED WITH
   1.10.5
